GEM
  remote: http://rubygems.org/
  specs:
    addressable (2.3.6)
    backports (3.6.0)
    celluloid (0.15.2)
      timers (~> 1.1.0)
    cloudflare (2.0.1)
      json (~> 1)
    coderay (1.1.0)
    erubis (2.7.0)
    excon (0.39.5)
    faraday (0.9.0)
      multipart-post (>= 1.2, < 3)
    fourchette (0.1.1)
      git
      heroku (~> 3.9)
      octokit
      platform-api (~> 0.2.0)
      rake
      sinatra
      sinatra-contrib
      sucker_punch
      thor
    git (1.2.8)
    hashie (3.0.0)
    heroics (0.0.12)
      erubis (~> 2.7.0)
      excon
      moneta
      multi_json (>= 1.9.2)
      netrc
    heroku (3.10.3)
      heroku-api (~> 0.3.19)
      launchy (>= 0.3.2)
      netrc (~> 0.7.7)
      rest-client (= 1.6.7)
      rubyzip (= 0.9.9)
    heroku-api (0.3.19)
      excon (~> 0.38)
      multi_json (~> 1.8)
    json (1.8.1)
    launchy (2.4.2)
      addressable (~> 2.3)
    method_source (0.8.2)
    mime-types (2.3)
    moneta (0.8.0)
    multi_json (1.10.1)
    multipart-post (2.0.0)
    netrc (0.7.7)
    newrelic_rpm (3.8.1.221)
    octokit (3.3.1)
      sawyer (~> 0.5.3)
    platform-api (0.2.0)
      heroics (~> 0.0.10)
    pry (0.9.12.6)
      coderay (~> 1.0)
      method_source (~> 0.8)
      slop (~> 3.4)
    puma (2.8.2)
      rack (>= 1.1, < 2.0)
    rack (1.5.2)
    rack-protection (1.5.3)
      rack
    rack-test (0.6.2)
      rack (>= 1.0)
    rake (10.3.2)
    rest-client (1.6.7)
      mime-types (>= 1.16)
    rubyzip (0.9.9)
    sawyer (0.5.5)
      addressable (~> 2.3.5)
      faraday (~> 0.8, < 0.10)
    sentry-raven (0.9.3)
      faraday (>= 0.7.6)
      hashie (>= 1.1.0)
      uuidtools
    sinatra (1.4.5)
      rack (~> 1.4)
      rack-protection (~> 1.4)
      tilt (~> 1.3, >= 1.3.4)
    sinatra-contrib (1.4.2)
      backports (>= 2.0)
      multi_json
      rack-protection
      rack-test
      sinatra (~> 1.4.0)
      tilt (~> 1.3)
    slop (3.5.0)
    sucker_punch (1.1)
      celluloid (~> 0.15.2)
    thor (0.19.1)
    tilt (1.4.1)
    timers (1.1.0)
    uuidtools (2.1.4)

PLATFORMS
  ruby

DEPENDENCIES
  cloudflare
  fourchette
  newrelic_rpm
  pry
  puma
  sentry-raven
